GEM
  remote: http://rubygems.org/
  specs:
    ZenTest (4.5.0)
    actionmailer (2.3.14)
      actionpack (= 2.3.14)
    actionpack (2.3.14)
      activesupport (= 2.3.14)
      rack (~> 1.1.0)
    activerecord (2.3.14)
      activesupport (= 2.3.14)
    activeresource (2.3.14)
      activesupport (= 2.3.14)
    activesupport (2.3.14)
    annotate (2.4.0)
    authlogic (2.1.6)
      activesupport
    autotest-rails (4.1.0)
      ZenTest
    aws-s3 (0.6.2)
      builder
      mime-types
      xml-simple
    builder (3.0.0)
    capybara (0.4.0)
      celerity (>= 0.7.9)
      culerity (>= 0.2.4)
      mime-types (>= 1.16)
      nokogiri (>= 1.3.3)
      rack (>= 1.0.0)
      rack-test (>= 0.5.4)
      selenium-webdriver (>= 0.0.27)
      xpath (~> 0.1.2)
    celerity (0.8.9)
    cgi_multipart_eof_fix (2.5.0)
    childprocess (0.1.9)
      ffi (~> 1.0.6)
    columnize (0.3.4)
    configuration (1.3.1)
    cucumber (0.10.0)
      builder (>= 2.1.2)
      diff-lcs (~> 1.1.2)
      gherkin (~> 2.3.2)
      json (~> 1.4.6)
      term-ansicolor (~> 1.0.5)
    cucumber-rails (0.3.2)
      cucumber (>= 0.8.0)
    cuke-inspector (0.0.8)
      cucumber (>= 0.3.104)
    culerity (0.2.15)
    daemons (1.1.4)
    database_cleaner (0.6.0)
    diff-lcs (1.1.2)
    email_spec (0.6.3)
    factory_girl (1.2.1)
    fakeweb (1.2.8)
    fastercsv (1.5.3)
    fastthread (1.0.7)
    feedtools (0.2.29)
      activerecord (>= 1.10.1)
      builder (>= 1.2.4)
      uuidtools (>= 1.0.0)
    ffi (1.0.9)
    ffi (1.0.9-x86-mingw32)
    gem_plugin (0.2.3)
    gherkin (2.3.7)
      json (>= 1.4.6)
    gherkin (2.3.7-x86-mingw32)
      json (>= 1.4.6)
    haml (3.1.2)
    heroku (2.3.6)
      launchy (>= 0.3.2)
      rest-client (~> 1.6.1)
      term-ansicolor (~> 1.0.5)
    hoptoad_notifier (2.3.12)
      activesupport
      builder
    json (1.4.6)
    json (1.4.6-x86-mingw32)
    json_pure (1.5.3)
    launchy (0.4.0)
      configuration (>= 0.0.5)
      rake (>= 0.8.1)
    linecache (0.46)
      rbx-require-relative (> 0.0.4)
    method_info (0.1.11)
    mime-types (1.16)
    mocha (0.9.8)
      rake
    mongrel (1.1.5)
      cgi_multipart_eof_fix (>= 2.4)
      daemons (>= 1.0.3)
      fastthread (>= 1.0.1)
      gem_plugin (>= 0.2.3)
    mongrel (1.1.5-x86-mingw32)
      cgi_multipart_eof_fix (>= 2.4)
      gem_plugin (>= 0.2.3)
    nokogiri (1.5.0)
    nokogiri (1.5.0-x86-mingw32)
    paperclip (2.3.8)
      activerecord
      activesupport
    pg (0.11.0)
    pg (0.11.0-x86-mingw32)
    pickle (0.2.10)
    polyglot (0.3.1)
    rack (1.1.2)
    rack-test (0.6.0)
      rack (>= 1.0)
    rails (2.3.14)
      actionmailer (= 2.3.14)
      actionpack (= 2.3.14)
      activerecord (= 2.3.14)
      activeresource (= 2.3.14)
      activesupport (= 2.3.14)
      rake (>= 0.8.3)
    rake (0.8.7)
    rbx-require-relative (0.0.5)
    rest-client (1.6.3)
      mime-types (>= 1.16)
    rspec (1.3.0)
    rspec-rails (1.3.2)
      rack (>= 1.0.0)
      rspec (>= 1.3.0)
    ruby-debug (0.10.4)
      columnize (>= 0.1)
      ruby-debug-base (~> 0.10.4.0)
    ruby-debug-base (0.10.4)
      linecache (>= 0.3)
    rubyzip (0.9.4)
    selenium-webdriver (2.0.0)
      childprocess (>= 0.1.9)
      ffi (>= 1.0.7)
      json_pure
      rubyzip
    sequel (3.20.0)
    sinatra (1.0)
      rack (>= 1.0)
    spork (0.8.5)
    sqlite3 (1.3.3)
    sqlite3 (1.3.3-x86-mingw32)
    sqlite3-ruby (1.3.3)
      sqlite3 (>= 1.3.3)
    string_to_editor (0.0.2)
    taps (0.3.23)
      rack (>= 1.0.1)
      rest-client (< 1.7.0, >= 1.4.0)
      sequel (~> 3.20.0)
      sinatra (~> 1.0.0)
      sqlite3-ruby (~> 1.2)
    term-ansicolor (1.0.5)
    treetop (1.4.9)
      polyglot (>= 0.3.1)
    uuidtools (2.1.1)
    webrat (0.7.3)
      nokogiri (>= 1.2.0)
      rack (>= 1.0)
      rack-test (>= 0.5.3)
    will_paginate (2.3.15)
    xml-simple (1.1.0)
    xpath (0.1.4)
      nokogiri (~> 1.3)

PLATFORMS
  ruby
  x86-mingw32

DEPENDENCIES
  ZenTest (= 4.5.0)
  annotate
  authlogic (= 2.1.6)
  autotest-rails (= 4.1.0)
  aws-s3 (= 0.6.2)
  capybara (= 0.4.0)
  cucumber (= 0.10.0)
  cucumber-rails (= 0.3.2)
  cuke-inspector (= 0.0.8)
  database_cleaner (= 0.6.0)
  email_spec (= 0.6.3)
  factory_girl (= 1.2.1)
  fakeweb (= 1.2.8)
  fastercsv (= 1.5.3)
  feedtools (= 0.2.29)
  haml (= 3.1.2)
  heroku
  hoptoad_notifier (= 2.3.12)
  launchy
  method_info (= 0.1.11)
  mocha (= 0.9.8)
  mongrel (= 1.1.5)
  nokogiri (= 1.5.0)
  paperclip (= 2.3.8)
  pg
  pickle (= 0.2.10)
  polyglot
  rails (= 2.3.14)
  rake (= 0.8.7)
  rspec (= 1.3.0)
  rspec-rails (= 1.3.2)
  ruby-debug
  spork
  string_to_editor (= 0.0.2)
  taps (~> 0.3.22)
  term-ansicolor (= 1.0.5)
  treetop (= 1.4.9)
  uuidtools (= 2.1.1)
  webrat (= 0.7.3)
  will_paginate (= 2.3.15)
